GEM
  remote: http://rubygems.org/
  specs:
    minitest (5.5.0)
    minitest-metadata (0.6.0)
      minitest (>= 4.7, < 6.0)
    rake (0.9.2.2)

PLATFORMS
  ruby

DEPENDENCIES
  minitest (= 5.5.0)
  minitest-metadata (= 0.6.0)
  rake
